GIT
  remote: https://github.com/blueapron/kafka_rest-ruby
  revision: 64f69228705e1dc9e18777d2677a4dbad9ac987d
  specs:
    kafka_rest (0.3.0)

GEM
  remote: https://rubygems.org/
  specs:
    httparty (0.17.0)
      mime-types (~> 3.0)
      multi_xml (>= 0.5.2)
    mime-types (3.2.2)
      mime-types-data (~> 3.2015)
    mime-types-data (3.2019.0331)
    multi_xml (0.6.0)

PLATFORMS
  ruby

DEPENDENCIES
  httparty
  kafka_rest!

BUNDLED WITH
   1.17.3
